GEM
  remote: http://rubygems.org/
  specs:
    adsf (1.2.1)
      rack (>= 1.0.0)
    aws-sdk (2.10.52)
      aws-sdk-resources (= 2.10.52)
    aws-sdk-core (2.10.52)
      aws-sigv4 (~> 1.0)
      jmespath (~> 1.0)
    aws-sdk-resources (2.10.52)
      aws-sdk-core (= 2.10.52)
    aws-sigv4 (1.0.2)
    builder (3.2.3)
    coderay (1.1.2)
    colored (1.2)
    cri (2.9.1)
      colored (~> 1.2)
    ffi (1.11.1)
    formatador (0.2.5)
    guard (2.14.1)
      formatador (>= 0.2.4)
      listen (>= 2.7, < 4.0)
      lumberjack (~> 1.0)
      nenv (~> 0.1)
      notiffany (~> 0.0)
      pry (>= 0.9.12)
      shellany (~> 0.0)
      thor (>= 0.18.1)
    guard-nanoc (1.0.3)
      guard (~> 2.8)
      nanoc (~> 3.6)
    jmespath (1.3.1)
    kramdown (2.3.1)
      rexml
    listen (3.1.5)
      rb-fsevent (~> 0.9, >= 0.9.4)
      rb-inotify (~> 0.9, >= 0.9.7)
      ruby_dep (~> 1.2)
    lumberjack (1.0.12)
    method_source (0.8.2)
    mime-types (3.1)
      mime-types-data (~> 3.2015)
    mime-types-data (3.2016.0521)
    nanoc (3.8.0)
      cri (~> 2.3)
    nenv (0.3.0)
    notiffany (0.1.1)
      nenv (~> 0.1)
      shellany (~> 0.0)
    pry (0.11.0)
      coderay (~> 1.1.0)
      method_source (~> 0.8.1)
    rack (2.1.4)
    rb-fsevent (0.10.2)
    rb-inotify (0.9.10)
      ffi (>= 0.5.0, < 2)
    rdiscount (2.2.0.2)
    rexml (3.2.5)
    ruby_dep (1.5.0)
    shellany (0.0.1)
    systemu (2.6.5)
    thor (0.20.0)

PLATFORMS
  ruby

DEPENDENCIES
  adsf
  aws-sdk (~> 2)
  builder
  guard
  guard-nanoc
  kramdown
  mime-types
  nanoc (< 4)
  rack
  rdiscount (~> 2.2.0.2)
  systemu

BUNDLED WITH
   2.2.24
